PATH
  remote: .
  specs:
    beeswaxapi (0.0.7)
      dry-configurable (~> 0.7.0)
      dry-struct (~> 0.4.0)
      dry-types (~> 0.12.2)
      typhoeus (~> 1.3)
      yajl-ruby (~> 1.3, >= 1.3.1)

GEM
  remote: https://www.rubygems.org/
  specs:
    coderay (1.1.2)
    concurrent-ruby (1.0.5)
    diff-lcs (1.3)
    dry-configurable (0.7.0)
      concurrent-ruby (~> 1.0)
    dry-container (0.6.0)
      concurrent-ruby (~> 1.0)
      dry-configurable (~> 0.1, >= 0.1.3)
    dry-core (0.4.1)
      concurrent-ruby (~> 1.0)
    dry-equalizer (0.2.0)
    dry-logic (0.4.2)
      dry-container (~> 0.2, >= 0.2.6)
      dry-core (~> 0.2)
      dry-equalizer (~> 0.2)
    dry-struct (0.4.0)
      dry-core (~> 0.4, >= 0.4.1)
      dry-equalizer (~> 0.2)
      dry-types (~> 0.12, >= 0.12.2)
      ice_nine (~> 0.11)
    dry-types (0.12.2)
      concurrent-ruby (~> 1.0)
      dry-configurable (~> 0.1)
      dry-container (~> 0.3)
      dry-core (~> 0.2, >= 0.2.1)
      dry-equalizer (~> 0.2)
      dry-logic (~> 0.4, >= 0.4.2)
      inflecto (~> 0.0.0, >= 0.0.2)
    ethon (0.11.0)
      ffi (>= 1.3.0)
    ffi (1.9.18)
    ice_nine (0.11.2)
    inflecto (0.0.2)
    method_source (0.9.0)
    pry (0.11.2)
      coderay (~> 1.1.0)
      method_source (~> 0.9.0)
    rake (10.5.0)
    rspec (3.7.0)
      rspec-core (~> 3.7.0)
      rspec-expectations (~> 3.7.0)
      rspec-mocks (~> 3.7.0)
    rspec-core (3.7.0)
      rspec-support (~> 3.7.0)
    rspec-expectations (3.7.0)
      diff-lcs (>= 1.2.0, < 2.0)
      rspec-support (~> 3.7.0)
    rspec-mocks (3.7.0)
      diff-lcs (>= 1.2.0, < 2.0)
      rspec-support (~> 3.7.0)
    rspec-support (3.7.0)
    typhoeus (1.3.0)
      ethon (>= 0.9.0)
    yajl-ruby (1.3.1)

PLATFORMS
  ruby

DEPENDENCIES
  beeswaxapi!
  bundler (~> 1.16)
  pry (~> 0.11.2)
  rake (~> 10.0)
  rspec (~> 3.0)

BUNDLED WITH
   1.16.0
