PATH
  remote: .
  specs:
    beeswaxapi (0.2.4)
      dry-configurable (~> 0.15.0)
      dry-logic (~> 1.2.0)
      dry-struct (~> 1.4.0)
      dry-types (~> 1.5.0)
      typhoeus (~> 1.4)
      yajl-ruby (~> 1.3, >= 1.3.1)

GEM
  remote: https://www.rubygems.org/
  specs:
    coderay (1.1.3)
    concurrent-ruby (1.2.3)
    diff-lcs (1.5.0)
    dry-configurable (0.15.0)
      concurrent-ruby (~> 1.0)
      dry-core (~> 0.6)
    dry-container (0.11.0)
      concurrent-ruby (~> 1.0)
    dry-core (0.9.1)
      concurrent-ruby (~> 1.0)
      zeitwerk (~> 2.6)
    dry-inflector (0.3.0)
    dry-logic (1.2.0)
      concurrent-ruby (~> 1.0)
      dry-core (~> 0.5, >= 0.5)
    dry-struct (1.4.0)
      dry-core (~> 0.5, >= 0.5)
      dry-types (~> 1.5)
      ice_nine (~> 0.11)
    dry-types (1.5.1)
      concurrent-ruby (~> 1.0)
      dry-container (~> 0.3)
      dry-core (~> 0.5, >= 0.5)
      dry-inflector (~> 0.1, >= 0.1.2)
      dry-logic (~> 1.0, >= 1.0.2)
    ethon (0.16.0)
      ffi (>= 1.15.0)
    ffi (1.16.3)
    ice_nine (0.11.2)
    method_source (0.9.2)
    pry (0.11.3)
      coderay (~> 1.1.0)
      method_source (~> 0.9.0)
    rake (10.5.0)
    rspec (3.12.0)
      rspec-core (~> 3.12.0)
      rspec-expectations (~> 3.12.0)
      rspec-mocks (~> 3.12.0)
    rspec-core (3.12.2)
      rspec-support (~> 3.12.0)
    rspec-expectations (3.12.3)
      diff-lcs (>= 1.2.0, < 2.0)
      rspec-support (~> 3.12.0)
    rspec-mocks (3.12.6)
      diff-lcs (>= 1.2.0, < 2.0)
      rspec-support (~> 3.12.0)
    rspec-support (3.12.1)
    typhoeus (1.4.1)
      ethon (>= 0.9.0)
    yajl-ruby (1.4.3)
    zeitwerk (2.6.12)

PLATFORMS
  ruby
  x86_64-darwin-18

DEPENDENCIES
  beeswaxapi!
  bundler
  pry (~> 0.11.2)
  rake (~> 10.0)
  rspec (~> 3.0)

BUNDLED WITH
   2.3.9
